GIT
  remote: https://github.com/smartinez87/exception_notification.git
  revision: b0d222b11b185b20fddabb0ba553cb4d5f6d95b9
  specs:
    exception_notification (4.1.1)
      actionmailer (~> 4.0)
      activesupport (~> 4.0)

GEM
  remote: https://rubygems.org/
  specs:
    actionmailer (4.2.4)
      actionpack (= 4.2.4)
      actionview (= 4.2.4)
      activejob (= 4.2.4)
      mail (~> 2.5, >= 2.5.4)
      rails-dom-testing (~> 1.0, >= 1.0.5)
    actionpack (4.2.4)
      actionview (= 4.2.4)
      activesupport (= 4.2.4)
      rack (~> 1.6)
      rack-test (~> 0.6.2)
      rails-dom-testing (~> 1.0, >= 1.0.5)
      rails-html-sanitizer (~> 1.0, >= 1.0.2)
    actionview (4.2.4)
      activesupport (= 4.2.4)
      builder (~> 3.1)
      erubis (~> 2.7.0)
      rails-dom-testing (~> 1.0, >= 1.0.5)
      rails-html-sanitizer (~> 1.0, >= 1.0.2)
    active_link_to (1.0.3)
      actionpack
    activejob (4.2.4)
      activesupport (= 4.2.4)
      globalid (>= 0.3.0)
    activemodel (4.2.4)
      activesupport (= 4.2.4)
      builder (~> 3.1)
    activerecord (4.2.4)
      activemodel (= 4.2.4)
      activesupport (= 4.2.4)
      arel (~> 6.0)
    activesupport (4.2.4)
      i18n (~> 0.7)
      json (~> 1.7, >= 1.7.7)
      minitest (~> 5.1)
      thread_safe (~> 0.3, >= 0.3.4)
      tzinfo (~> 1.1)
    addressable (2.3.5)
    angularjs-rails (1.2.3)
    arel (6.0.3)
    autoprefixer-rails (6.0.2)
      execjs
      json
    backup (3.4.0)
      open4 (~> 1.3.0)
      thor (>= 0.15.4, < 2)
    bcrypt (3.1.10)
    better_errors (1.1.0)
      coderay (>= 1.0.0)
      erubis (>= 2.6.6)
    binding_of_caller (0.7.2)
      debug_inspector (>= 0.0.1)
    bootstrap-sass (3.3.5)
      autoprefixer-rails (>= 5.0.0.1)
      sass (>= 3.2.19)
    bootstrap_form (2.3.0)
    builder (3.2.2)
    bundle (0.0.1)
      bundler
    byebug (6.0.2)
    capistrano (3.4.0)
      i18n
      rake (>= 10.0.0)
      sshkit (~> 1.3)
    capistrano-bundler (1.1.4)
      capistrano (~> 3.1)
      sshkit (~> 1.2)
    capistrano-maintenance (1.0.0)
      capistrano (>= 3.0)
    capistrano-passenger (0.1.1)
      capistrano (~> 3.0)
    capistrano-rails (1.1.3)
      capistrano (~> 3.1)
      capistrano-bundler (~> 1.1)
    capistrano-rvm (0.1.2)
      capistrano (~> 3.0)
      sshkit (~> 1.2)
    celluloid (0.15.2)
      timers (~> 1.1.0)
    chronic (0.10.2)
    chunky_png (1.3.4)
    climate_control (0.0.3)
      activesupport (>= 3.0)
    cocaine (0.5.7)
      climate_control (>= 0.0.3, < 1.0)
    codeclimate-test-reporter (0.4.7)
      simplecov (>= 0.7.1, < 1.0.0)
    codemirror-rails (5.6)
      railties (>= 3.0, < 5)
    coderay (1.1.0)
    coffee-rails (4.1.0)
      coffee-script (>= 2.2.0)
      railties (>= 4.0.0, < 5.0)
    coffee-script (2.4.1)
      coffee-script-source
      execjs
    coffee-script-source (1.9.1.1)
    colorize (0.7.7)
    comfortable_mexican_sofa (1.12.8)
      active_link_to (>= 1.0.0)
      bootstrap-sass (>= 3.2.0)
      bootstrap_form (>= 2.2.0)
      codemirror-rails (>= 3.0.0)
      coffee-rails (>= 3.1.0)
      haml-rails (>= 0.3.0)
      jquery-rails (>= 3.0.0)
      jquery-ui-rails (>= 5.0.0)
      kramdown (>= 1.0.0)
      paperclip (>= 4.0.0)
      plupload-rails (>= 1.2.1)
      rails (>= 4.0.0, < 5)
      rails-i18n (>= 4.0.0)
      sass-rails (>= 4.0.3)
    compass (1.0.3)
      chunky_png (~> 1.2)
      compass-core (~> 1.0.2)
      compass-import-once (~> 1.0.5)
      rb-fsevent (>= 0.9.3)
      rb-inotify (>= 0.9)
      sass (>= 3.3.13, < 3.5)
    compass-core (1.0.3)
      multi_json (~> 1.0)
      sass (>= 3.3.0, < 3.5)
    compass-import-once (1.0.5)
      sass (>= 3.2, < 3.5)
    compass-rails (2.0.5)
      compass (~> 1.0.0)
      sass-rails (< 5.1)
      sprockets (< 2.13)
    debug_inspector (0.0.2)
    devise (3.5.2)
      bcrypt (~> 3.0)
      orm_adapter (~> 0.1)
      railties (>= 3.2.6, < 5)
      responders
      thread_safe (~> 0.1)
      warden (~> 1.2.3)
    diff-lcs (1.2.5)
    docile (1.1.5)
    dotenv (2.0.0)
    dotenv-rails (2.0.0)
      dotenv (= 2.0.0)
    em-websocket (0.5.0)
      eventmachine (>= 0.12.9)
      http_parser.rb (~> 0.5.3)
    email_validator (1.4.0)
      activemodel
    erubis (2.7.0)
    eventmachine (1.0.8)
    execjs (2.6.0)
    factory_girl (4.3.0)
      activesupport (>= 3.0.0)
    factory_girl_rails (4.3.0)
      factory_girl (~> 4.3.0)
      railties (>= 3.0.0)
    ffi (1.9.3)
    font-awesome-rails (4.0.3.0)
      railties (>= 3.2, < 5.0)
    formatador (0.2.4)
    geoip (1.6.1)
    git (1.2.6)
    git_pretty_accept (0.4.0)
      git
      methadone (~> 1.3.1)
    globalid (0.3.6)
      activesupport (>= 4.1.0)
    guard (2.2.4)
      formatador (>= 0.2.4)
      listen (~> 2.1)
      lumberjack (~> 1.0)
      pry (>= 0.9.12)
      thor (>= 0.18.1)
    guard-livereload (2.1.0)
      em-websocket (~> 0.5)
      guard (~> 2.0)
      multi_json (~> 1.8)
    guard-rspec (4.2.0)
      guard (>= 2.1.1)
      rspec (>= 2.14, < 4.0)
    haml (4.0.7)
      tilt
    haml-rails (0.9.0)
      actionpack (>= 4.0.1)
      activesupport (>= 4.0.1)
      haml (>= 4.0.6, < 5.0)
      html2haml (>= 1.0.1)
      railties (>= 4.0.1)
    hike (1.2.3)
    html2haml (2.0.0)
      erubis (~> 2.7.0)
      haml (~> 4.0.0)
      nokogiri (~> 1.6.0)
      ruby_parser (~> 3.5)
    http_parser.rb (0.5.3)
    i18n (0.7.0)
    jbuilder (1.5.2)
      activesupport (>= 3.0.0)
      multi_json (>= 1.2.0)
    jquery-rails (3.1.4)
      railties (>= 3.0, < 5.0)
      thor (>= 0.14, < 2.0)
    jquery-ui-rails (5.0.5)
      railties (>= 3.2.16)
    json (1.8.3)
    kaminari (0.16.3)
      actionpack (>= 3.0.0)
      activesupport (>= 3.0.0)
    kramdown (1.8.0)
    launchy (2.4.2)
      addressable (~> 2.3)
    letter_opener (1.2.0)
      launchy (~> 2.2)
    listen (2.4.0)
      celluloid (>= 0.15.2)
      rb-fsevent (>= 0.9.3)
      rb-inotify (>= 0.9)
    loofah (2.0.3)
      nokogiri (>= 1.5.9)
    lumberjack (1.0.4)
    mail (2.6.3)
      mime-types (>= 1.16, < 3)
    methadone (1.3.2)
      bundler
    method_source (0.8.2)
    mime-types (2.6.2)
    mimemagic (0.3.0)
    mini_portile (0.6.2)
    minitest (5.8.0)
    modernizr-rails (2.7.1)
    multi_json (1.11.2)
    net-scp (1.2.1)
      net-ssh (>= 2.6.5)
    net-ssh (2.9.2)
    nokogiri (1.6.6.2)
      mini_portile (~> 0.6.0)
    open4 (1.3.4)
    orm_adapter (0.5.0)
    paperclip (4.3.0)
      activemodel (>= 3.2.0)
      activesupport (>= 3.2.0)
      cocaine (~> 0.5.5)
      mime-types
      mimemagic (= 0.3.0)
    pg (0.17.0)
    placeholder-gem (3.0.0.0)
      railties (>= 3.1)
    plupload-rails (1.2.1)
      rails (>= 3.1)
    power_assert (0.2.4)
    pry (0.9.12.4)
      coderay (~> 1.0)
      method_source (~> 0.8)
      slop (~> 3.4)
    pry-remote (0.1.7)
      pry (~> 0.9)
      slop (~> 3.0)
    rack (1.6.4)
    rack-test (0.6.3)
      rack (>= 1.0)
    rails (4.2.4)
      actionmailer (= 4.2.4)
      actionpack (= 4.2.4)
      actionview (= 4.2.4)
      activejob (= 4.2.4)
      activemodel (= 4.2.4)
      activerecord (= 4.2.4)
      activesupport (= 4.2.4)
      bundler (>= 1.3.0, < 2.0)
      railties (= 4.2.4)
      sprockets-rails
    rails-deprecated_sanitizer (1.0.3)
      activesupport (>= 4.2.0.alpha)
    rails-dom-testing (1.0.7)
      activesupport (>= 4.2.0.beta, < 5.0)
      nokogiri (~> 1.6.0)
      rails-deprecated_sanitizer (>= 1.0.1)
    rails-html-sanitizer (1.0.2)
      loofah (~> 2.0)
    rails-i18n (4.0.5)
      i18n (~> 0.6)
      railties (~> 4.0)
    rails-observers (0.1.2)
      activemodel (~> 4.0)
    railties (4.2.4)
      actionpack (= 4.2.4)
      activesupport (= 4.2.4)
      rake (>= 0.8.7)
      thor (>= 0.18.1, < 2.0)
    rake (10.4.2)
    rb-fsevent (0.9.3)
    rb-inotify (0.9.2)
      ffi (>= 0.5.0)
    rdoc (3.12.2)
      json (~> 1.4)
    responders (2.1.0)
      railties (>= 4.2.0, < 5)
    rspec (2.14.1)
      rspec-core (~> 2.14.0)
      rspec-expectations (~> 2.14.0)
      rspec-mocks (~> 2.14.0)
    rspec-core (2.14.7)
    rspec-expectations (2.14.4)
      diff-lcs (>= 1.1.3, < 2.0)
    rspec-mocks (2.14.4)
    rspec-rails (2.14.0)
      actionpack (>= 3.0)
      activesupport (>= 3.0)
      railties (>= 3.0)
      rspec-core (~> 2.14.0)
      rspec-expectations (~> 2.14.0)
      rspec-mocks (~> 2.14.0)
    ruby_parser (3.7.1)
      sexp_processor (~> 4.1)
    sass (3.4.18)
    sass-rails (5.0.4)
      railties (>= 4.0.0, < 5.0)
      sass (~> 3.1)
      sprockets (>= 2.8, < 4.0)
      sprockets-rails (>= 2.0, < 4.0)
      tilt (>= 1.1, < 3)
    sdoc (0.3.20)
      json (>= 1.1.3)
      rdoc (~> 3.10)
    select2-rails (3.5.2)
      thor (~> 0.14)
    sexp_processor (4.6.0)
    simplecov (0.9.2)
      docile (~> 1.1.0)
      multi_json (~> 1.0)
      simplecov-html (~> 0.9.0)
    simplecov-html (0.9.0)
    slack-notifier (1.2.1)
    slop (3.4.7)
    sprockets (2.12.4)
      hike (~> 1.2)
      multi_json (~> 1.0)
      rack (~> 1.0)
      tilt (~> 1.1, != 1.3.0)
    sprockets-rails (2.3.3)
      actionpack (>= 3.0)
      activesupport (>= 3.0)
      sprockets (>= 2.8, < 4.0)
    sshkit (1.7.1)
      colorize (>= 0.7.0)
      net-scp (>= 1.1.2)
      net-ssh (>= 2.8.0)
    terminal-notifier-guard (1.5.3)
    test-unit (3.1.3)
      power_assert
    thor (0.19.1)
    thread_safe (0.3.5)
    tilt (1.4.1)
    timers (1.1.0)
    tinymce-rails (4.2.5)
      railties (>= 3.1.1)
    turbolinks (1.3.1)
      coffee-rails
    tzinfo (1.2.2)
      thread_safe (~> 0.1)
    uglifier (2.3.1)
      execjs (>= 0.3.0)
      json (>= 1.8.0)
    underscore-rails (1.5.2)
    warden (1.2.3)
      rack (>= 1.0)
    whenever (0.9.4)
      chronic (>= 0.6.3)
    yajl-ruby (1.2.0)

PLATFORMS
  ruby

DEPENDENCIES
  angularjs-rails
  backup
  better_errors
  binding_of_caller
  bundle
  byebug
  capistrano (~> 3.0)
  capistrano-bundler (~> 1.1)
  capistrano-maintenance (~> 1.0)
  capistrano-passenger (~> 0.1.1)
  capistrano-rails (~> 1.1)
  capistrano-rvm (~> 0.1)
  codeclimate-test-reporter
  coffee-rails (~> 4.1.0)
  comfortable_mexican_sofa (= 1.12.8)
  compass-rails (~> 2.0.5)
  devise (~> 3.5.0)
  dotenv-rails
  email_validator
  exception_notification!
  factory_girl_rails
  font-awesome-rails
  geoip (~> 1.6.1)
  git_pretty_accept
  guard
  guard-livereload
  guard-rspec
  jbuilder (~> 1.2)
  jquery-rails
  kaminari
  letter_opener
  modernizr-rails
  pg
  placeholder-gem
  pry-remote
  rails (= 4.2.4)
  rails-observers
  rspec-rails
  sass-rails (~> 5.0.4)
  sdoc
  select2-rails
  simplecov (>= 0.9)
  slack-notifier (~> 1.0)
  sprockets
  terminal-notifier-guard
  test-unit (~> 3.1)
  tinymce-rails
  turbolinks
  uglifier (>= 1.3.0)
  underscore-rails
  whenever (~> 0.9.0)
  yajl-ruby (= 1.2.0)

BUNDLED WITH
   1.10.6
